PATH
  remote: .
  specs:
    gossh (0.1.0)
      cli-ui
      fileutils
      thor (~> 0.20)

GEM
  remote: https://rubygems.org/
  specs:
    cli-ui (1.2.2)
    diff-lcs (1.3)
    fileutils (1.1.0)
    rake (10.5.0)
    rspec (3.8.0)
      rspec-core (~> 3.8.0)
      rspec-expectations (~> 3.8.0)
      rspec-mocks (~> 3.8.0)
    rspec-core (3.8.0)
      rspec-support (~> 3.8.0)
    rspec-expectations (3.8.2)
      diff-lcs (>= 1.2.0, < 2.0)
      rspec-support (~> 3.8.0)
    rspec-mocks (3.8.0)
      diff-lcs (>= 1.2.0, < 2.0)
      rspec-support (~> 3.8.0)
    rspec-support (3.8.0)
    thor (0.20.3)

PLATFORMS
  ruby

DEPENDENCIES
  bundler (~> 2.0)
  gossh!
  rake (~> 10.0)
  rspec (~> 3.0)

BUNDLED WITH
   2.0.1
